PATH
  remote: .
  specs:
    dep_collector (0.1.0)

GEM
  remote: https://rubygems.org/
  specs:
    diff-lcs (1.3)
    ffi (1.9.18)
    rake (10.4.2)
    rdoc (4.2.1)
    rspec (3.7.0)
      rspec-core (~> 3.7.0)
      rspec-expectations (~> 3.7.0)
      rspec-mocks (~> 3.7.0)
    rspec-core (3.7.1)
      rspec-support (~> 3.7.0)
    rspec-expectations (3.7.0)
      diff-lcs (>= 1.2.0, < 2.0)
      rspec-support (~> 3.7.0)
    rspec-mocks (3.7.0)
      diff-lcs (>= 1.2.0, < 2.0)
      rspec-support (~> 3.7.0)
    rspec-support (3.7.0)
    sys-uname (1.0.3)
      ffi (>= 1.0.0)

PLATFORMS
  ruby

DEPENDENCIES
  bundler (~> 1.16)
  dep_collector!
  rake (~> 10.0)
  rdoc
  rspec (~> 3.0)
  sys-uname

BUNDLED WITH
   1.16.0
